GEM
  remote: http://rubygems.org/
  specs:
    eventmachine (0.12.10)
    gemcutter (0.3.0)
      json_pure
    git (1.2.5)
    haml (2.2.24)
    jeweler (1.4.0)
      gemcutter (>= 0.1.0)
      git (>= 1.2.5)
      rubyforge (>= 2.0.0)
    json_pure (1.4.3)
    mime-types (1.16)
    mocha (0.9.8)
      rake
    rake (0.8.7)
    rubyforge (2.0.4)
      json_pure (>= 1.1.7)
    shoulda (2.10.3)

PLATFORMS
  ruby

DEPENDENCIES
  eventmachine
  haml
  jeweler
  mime-types
  mocha
  shoulda
